PATH
  remote: .
  specs:
    fuzzy-logic (0.0.1)

GEM
  remote: https://rubygems.org/
  specs:
    coderay (1.0.8)
    ffi (1.3.1)
    guard (1.6.1)
      listen (>= 0.6.0)
      lumberjack (>= 1.0.2)
      pry (>= 0.9.10)
      thor (>= 0.14.6)
    guard-minitest (0.5.0)
      guard (>= 0.4)
    listen (0.7.2)
    lumberjack (1.0.2)
    method_source (0.8.1)
    pry (0.9.10)
      coderay (~> 1.0.5)
      method_source (~> 0.8)
      slop (~> 3.3.1)
    rb-inotify (0.8.8)
      ffi (>= 0.5.0)
    slop (3.3.3)
    thor (0.16.0)

PLATFORMS
  ruby

DEPENDENCIES
  fuzzy-logic!
  guard-minitest
  rb-inotify (~> 0.8.8)
